GEM
  remote: https://rubygems.org/
  specs:
    dotenv (3.1.7)

PLATFORMS
  x86_64-linux

DEPENDENCIES
  dotenv

BUNDLED WITH
   2.4.6
